GEM
  remote: http://rubygems.org/
  specs:
    allison (2.0.3)
    builder (3.0.0)
    cucumber (0.5.3)
      builder (>= 2.1.2)
      diff-lcs (>= 1.1.2)
      json_pure (>= 1.2.0)
      polyglot (>= 0.2.9)
      term-ansicolor (>= 1.0.4)
      treetop (>= 1.4.2)
    diff-lcs (1.1.2)
    echoe (4.5.6)
      allison
      gemcutter
      rubyforge
    gemcutter (0.7.0)
    json_pure (1.5.1)
    nokogiri (1.4.3.1)
    polyglot (0.3.1)
    rake (0.8.7)
    rspec (1.1.12)
    rubyforge (2.0.4)
      json_pure (>= 1.1.7)
    selenium-client (1.2.18)
    term-ansicolor (1.0.5)
    treetop (1.4.9)
      polyglot (>= 0.3.1)

PLATFORMS
  ruby

DEPENDENCIES
  builder
  bundler
  cucumber (= 0.5.3)
  echoe
  nokogiri (= 1.4.3.1)
  rake
  rspec (= 1.1.12)
  selenium-client (= 1.2.18)
